PATH
  remote: .
  specs:
    lazy_observers (0.2.0)
      activerecord

GEM
  remote: https://rubygems.org/
  specs:
    activemodel (3.2.6)
      activesupport (= 3.2.6)
      builder (~> 3.0.0)
    activerecord (3.2.6)
      activemodel (= 3.2.6)
      activesupport (= 3.2.6)
      arel (~> 3.0.2)
      tzinfo (~> 0.3.29)
    activesupport (3.2.6)
      i18n (~> 0.6)
      multi_json (~> 1.0)
    appraisal (0.4.1)
      bundler
      rake
    arel (3.0.2)
    builder (3.0.0)
    bump (0.5.2)
    diff-lcs (1.1.3)
    i18n (0.6.0)
    multi_json (1.3.6)
    rake (0.9.2)
    rspec (2.6.0)
      rspec-core (~> 2.6.0)
      rspec-expectations (~> 2.6.0)
      rspec-mocks (~> 2.6.0)
    rspec-core (2.6.4)
    rspec-expectations (2.6.0)
      diff-lcs (~> 1.1.2)
    rspec-mocks (2.6.0)
    sqlite3 (1.3.6)
    tzinfo (0.3.33)

PLATFORMS
  ruby

DEPENDENCIES
  appraisal
  bump
  lazy_observers!
  rake
  rspec
  sqlite3

BUNDLED WITH
   1.13.3
